GEM
  remote: https://rubygems.org/
  specs:
    minitest (5.13.0)
    mustermann (1.1.0)
      ruby2_keywords (~> 0.0.1)
    rack (2.0.8)
    rack-protection (2.0.7)
      rack
    rake (13.0.1)
    ruby2_keywords (0.0.1)
    sinatra (2.0.7)
      mustermann (~> 1.0)
      rack (~> 2.0)
      rack-protection (= 2.0.7)
      tilt (~> 2.0)
    tilt (2.0.10)

PLATFORMS
  ruby

DEPENDENCIES
  minitest
  rake
  sinatra

BUNDLED WITH
   1.17.3
