GEM
  remote: https://rubygems.org/
  specs:
    minitest (5.13.0)
    multi_json (1.15.0)
    mustermann (3.0.0)
      ruby2_keywords (~> 0.0.1)
    nio4r (2.5.2)
    puma (4.3.1)
      nio4r (~> 2.0)
    rack (2.2.4)
    rack-protection (3.0.4)
      rack
    rake (13.0.1)
    ruby2_keywords (0.0.5)
    sinatra (3.0.4)
      mustermann (~> 3.0)
      rack (~> 2.2, >= 2.2.4)
      rack-protection (= 3.0.4)
      tilt (~> 2.0)
    sinatra-contrib (3.0.4)
      multi_json
      mustermann (~> 3.0)
      rack-protection (= 3.0.4)
      sinatra (= 3.0.4)
      tilt (~> 2.0)
    sorbet (0.5.5238)
      sorbet-static (= 0.5.5238)
    sorbet-runtime (0.5.5238)
    sorbet-static (0.5.5238-universal-darwin-14)
    tilt (2.0.11)

PLATFORMS
  ruby

DEPENDENCIES
  minitest
  puma
  rake
  sinatra
  sinatra-contrib
  sorbet
  sorbet-runtime

BUNDLED WITH
   1.17.3
